GEM
  remote: http://rubygems.org/
  specs:
    addressable (2.2.8)
    crack (0.2.0)
    heroku (2.25.0)
      launchy (>= 0.3.2)
      netrc (~> 0.7.1)
      rest-client (~> 1.6.1)
      rubyzip
    httparty (0.5.0)
      crack (>= 0.1.1)
    json (1.7.0)
    launchy (2.1.0)
      addressable (~> 2.2.6)
    meta-spotify (0.1.6)
      crack (>= 0.1.4)
      httparty (>= 0.4.5, < 0.8)
    mime-types (1.18)
    netrc (0.7.1)
    powder (0.1.7)
      thor (>= 0.11.5)
    rack (1.3.6)
    rack-flash (0.1.2)
      rack
    rack-protection (1.2.0)
      rack
    redis (2.2.2)
    rest-client (1.6.7)
      mime-types (>= 1.16)
    rubyzip (0.9.8)
    sinatra (1.3.2)
      rack (~> 1.3, >= 1.3.6)
      rack-protection (~> 1.2)
      tilt (~> 1.3, >= 1.3.3)
    thor (0.15.0)
    tilt (1.3.3)

PLATFORMS
  ruby

DEPENDENCIES
  crack (= 0.2.0)
  heroku
  httparty (= 0.5.0)
  json
  meta-spotify
  powder
  rack (= 1.3.6)
  rack-flash
  redis
  sinatra
