GEM
  remote: http://rubygems.org/
  specs:
    crack (0.2.0)
    httparty (0.5.0)
      crack (>= 0.1.1)
    json (1.7.0)
    meta-spotify (0.1.6)
      crack (>= 0.1.4)
      httparty (>= 0.4.5, < 0.8)
    powder (0.1.7)
      thor (>= 0.11.5)
    rack (1.4.1)
    rack-flash (0.1.2)
      rack
    rack-protection (1.2.0)
      rack
    redis (2.2.2)
    sinatra (1.3.2)
      rack (~> 1.3, >= 1.3.6)
      rack-protection (~> 1.2)
      tilt (~> 1.3, >= 1.3.3)
    thor (0.15.0)
    tilt (1.3.3)

PLATFORMS
  ruby

DEPENDENCIES
  crack (= 0.2.0)
  httparty (= 0.5.0)
  json
  meta-spotify
  powder
  rack-flash
  redis
  sinatra
